GEM
  remote: https://rubygems.org/
  specs:
    activemodel (4.0.2)
      activesupport (= 4.0.2)
      builder (~> 3.1.0)
    activerecord (4.0.2)
      activemodel (= 4.0.2)
      activerecord-deprecated_finders (~> 1.0.2)
      activesupport (= 4.0.2)
      arel (~> 4.0.0)
    activerecord-deprecated_finders (1.0.4)
    activesupport (4.0.2)
      i18n (~> 0.6, >= 0.6.4)
      minitest (~> 4.2)
      multi_json (~> 1.3)
      thread_safe (~> 0.1)
      tzinfo (~> 0.3.37)
    arel (4.0.2)
    builder (3.1.4)
    daemons (1.2.3)
    eventmachine (1.0.8)
    friendly_id (5.1.0)
      activerecord (>= 4.0.0)
    i18n (0.7.0)
    minitest (4.7.5)
    multi_json (1.11.2)
    mysql2 (0.3.20)
    oj (2.12.13)
    pluck_to_hash (0.1.3)
      activerecord (>= 4.0.2)
      activesupport (>= 4.0.2)
    rack (1.6.4)
    rack-protection (1.5.3)
      rack
    rake (10.4.2)
    shotgun (0.9.1)
      rack (>= 1.0)
    sinatra (1.4.4)
      rack (~> 1.4)
      rack-protection (~> 1.4)
      tilt (~> 1.3, >= 1.3.4)
    sinatra-activerecord (2.0.8)
      activerecord (>= 3.2)
      sinatra (~> 1.0)
    smarter_csv (1.1.0)
    thin (1.6.3)
      daemons (~> 1.0, >= 1.0.9)
      eventmachine (~> 1.0)
      rack (~> 1.0)
    thread_safe (0.3.5)
    tilt (1.4.1)
    tzinfo (0.3.44)

PLATFORMS
  ruby

DEPENDENCIES
  activerecord (= 4.0.2)
  activerecord-jdbcpostgresql-adapter
  activerecord-jdbcsqlite3-adapter
  friendly_id (~> 5.1.0)
  multi_json
  mysql2 (~> 0.3.18)
  oj
  pluck_to_hash
  rake
  shotgun
  sinatra (= 1.4.4)
  sinatra-activerecord
  smarter_csv
  thin

BUNDLED WITH
   1.10.0.pre.2
